PATH
  remote: .
  specs:
    hearken (0.1.2)
      nokogiri
      rainbow (~> 2)
      shell_shock

GEM
  remote: http://rubygems.org/
  specs:
    diff-lcs (1.4.4)
    mini_portile2 (2.8.0)
    nokogiri (1.13.4)
      mini_portile2 (~> 2.8.0)
      racc (~> 1.4)
    racc (1.6.0)
    rainbow (2.2.2)
      rake
    rake (13.0.1)
    rspec (3.9.0)
      rspec-core (~> 3.9.0)
      rspec-expectations (~> 3.9.0)
      rspec-mocks (~> 3.9.0)
    rspec-core (3.9.2)
      rspec-support (~> 3.9.3)
    rspec-expectations (3.9.2)
      diff-lcs (>= 1.2.0, < 2.0)
      rspec-support (~> 3.9.0)
    rspec-mocks (3.9.1)
      diff-lcs (>= 1.2.0, < 2.0)
      rspec-support (~> 3.9.0)
    rspec-support (3.9.3)
    shell_shock (0.0.5)

PLATFORMS
  ruby

DEPENDENCIES
  hearken!
  rake
  rspec (~> 3)

BUNDLED WITH
   2.1.4
